GEM
  remote: https://rubygems.org/
  specs:
    ffi (1.9.6)
    idevice (1.1.7.0)
      ffi
      plist
    plist (3.1.0)

PLATFORMS
  ruby

DEPENDENCIES
  idevice
